GEM
  remote: http://rubygems.org/
  specs:
    addressable (2.2.6)
    archive-tar-minitar (0.5.2)
    calais (0.0.11)
      curb (>= 0.1.4)
      json (>= 1.1.3)
      nokogiri (>= 1.3.3)
    columnize (0.3.2)
    crack (0.1.8)
    curb (0.7.15)
    factory_girl (1.3.3)
    hpricot (0.8.4)
    json (1.5.1)
    linecache19 (0.5.12)
      ruby_core_source (>= 0.1.4)
    mime-types (1.16)
    nokogiri (1.4.4)
    rake (0.8.7)
    rest-client (1.6.1)
      mime-types (>= 1.16)
    ruby-debug-base19 (0.11.25)
      columnize (>= 0.3.1)
      linecache19 (>= 0.5.11)
      ruby_core_source (>= 0.1.4)
    ruby-debug19 (0.11.6)
      columnize (>= 0.3.1)
      linecache19 (>= 0.5.11)
      ruby-debug-base19 (>= 0.11.19)
    ruby_core_source (0.1.5)
      archive-tar-minitar (>= 0.5.2)
    shoulda (2.11.3)
    test-unit (2.3.0)
    webmock (1.6.2)
      addressable (>= 2.2.2)
      crack (>= 0.1.7)

PLATFORMS
  ruby

DEPENDENCIES
  calais (= 0.0.11)
  factory_girl (= 1.3.3)
  hpricot (= 0.8.4)
  json (= 1.5.1)
  rake (= 0.8.7)
  rest-client (= 1.6.1)
  ruby-debug19 (= 0.11.6)
  shoulda (= 2.11.3)
  test-unit (= 2.3.0)
  webmock (= 1.6.2)
